GIT
  remote: https://github.com/ZeroStride/insult-generator.git
  revision: fac71814a84105ce28534109cfa7fcfa5336ce59
  specs:
    insult_generator (0.0.1)

GEM
  remote: https://rubygems.org/
  specs:
    awesome_print (1.7.0)
    builder (3.2.3)
    calabash-android (0.7.2)
      awesome_print (~> 1.2)
      cucumber
      escape (~> 0.0.4)
      httpclient (>= 2.3.2, < 3.0)
      json (~> 1.8)
      luffa
      retriable (>= 1.3.3.1, < 1.5)
      rubyzip (~> 1.1)
      slowhandcuke (~> 0.0.3)
    cucumber (2.4.0)
      builder (>= 2.1.2)
      cucumber-core (~> 1.5.0)
      cucumber-wire (~> 0.0.1)
      diff-lcs (>= 1.1.3)
      gherkin (~> 4.0)
      multi_json (>= 1.7.5, < 2.0)
      multi_test (>= 0.1.2)
    cucumber-core (1.5.0)
      gherkin (~> 4.0)
    cucumber-wire (0.0.1)
    diff-lcs (1.3)
    escape (0.0.4)
    gherkin (4.1.1)
    httpclient (2.8.3)
    json (1.8.6)
    luffa (2.0.0)
      awesome_print (~> 1.2)
      json (~> 1.8)
      retriable (>= 1.3.3.1, < 2.1)
      thor (~> 0.19)
    mini_portile2 (2.1.0)
    multi_json (1.12.1)
    multi_test (0.1.2)
    nokogiri (1.7.1)
      mini_portile2 (~> 2.1.0)
    retriable (1.4.1)
    rubyzip (1.2.1)
    slowhandcuke (0.0.3)
      cucumber
    thor (0.19.4)

PLATFORMS
  ruby

DEPENDENCIES
  calabash-android (= 0.7.2)
  insult_generator!
  nokogiri

BUNDLED WITH
   1.14.6
